PATH
  remote: .
  specs:
    fetchserp (0.1.2)

GEM
  remote: https://rubygems.org/
  specs:

PLATFORMS
  arm64-darwin-23
  ruby

DEPENDENCIES
  fetchserp!

BUNDLED WITH
   2.6.9
